GEM
  remote: http://rubygems.org/
  specs:
    kgio (2.4.1)
    rack (1.3.0)
    unicorn (3.7.0)
      kgio (~> 2.3)
      rack

PLATFORMS
  ruby

DEPENDENCIES
  unicorn (= 3.7.0)
